GEM
  remote: https://rubygems.org/
  specs:
    mini_portile (0.5.2)
    nokogiri (1.6.1)
      mini_portile (~> 0.5.0)
    srgs (1.1.2)
      nokogiri

PLATFORMS
  ruby

DEPENDENCIES
  srgs (~> 1.1.2)
